GEM
  remote: https://rubygems.org/
  specs:
    activesupport (5.2.3)
      concurrent-ruby (~> 1.0, >= 1.0.2)
      i18n (>= 0.7, < 2)
      minitest (~> 5.1)
      tzinfo (~> 1.1)
    bech32 (1.0.5)
    bitcoinrb (0.2.7)
      bech32 (~> 1.0.3)
      daemon-spawn
      ecdsa
      eventmachine
      eventmachine_httpserver
      ffi
      iniparse
      leb128 (~> 1.0.0)
      murmurhash3
      protobuf (= 3.8.5)
      rest-client
      scrypt
      siphash
      thor
    concurrent-ruby (1.1.5)
    daemon-spawn (0.4.2)
    domain_name (0.5.20180417)
      unf (>= 0.0.5, < 1.0.0)
    ecdsa (1.2.0)
    eventmachine (1.2.7)
    eventmachine_httpserver (0.2.1)
    faraday (0.15.4)
      multipart-post (>= 1.2, < 3)
    faraday_ln_paywall (1.0.0)
      faraday (> 0.8)
      lightning-invoice (~> 0.1.2)
      lnrpc (~> 0.6.1)
    faraday_middleware (0.13.1)
      faraday (>= 0.7.4, < 1.0)
    ffi (1.11.1)
    ffi-compiler (1.0.1)
      ffi (>= 1.0.0)
      rake
    google-protobuf (3.19.2)
    googleapis-common-protos-types (1.0.4)
      google-protobuf (~> 3.0)
    grpc (1.21.0)
      google-protobuf (~> 3.7)
      googleapis-common-protos-types (~> 1.0)
    http-cookie (1.0.3)
      domain_name (~> 0.5)
    i18n (1.6.0)
      concurrent-ruby (~> 1.0)
    iniparse (1.4.4)
    leb128 (1.0.0)
    lightning-invoice (0.1.5)
      bech32
      bitcoinrb
    lnrpc (0.6.1)
      google-protobuf (>= 3.7)
      grpc (>= 1.19.0)
    middleware (0.1.0)
    mime-types (3.2.2)
      mime-types-data (~> 3.2015)
    mime-types-data (3.2019.0331)
    minitest (5.11.3)
    multipart-post (2.1.1)
    murmurhash3 (0.1.6)
    netrc (0.11.0)
    protobuf (3.8.5)
      activesupport (>= 3.2)
      middleware
      thor
      thread_safe
    rake (12.3.2)
    rest-client (2.0.2)
      http-cookie (>= 1.0.2, < 2.0)
      mime-types (>= 1.16, < 4.0)
      netrc (~> 0.8)
    scrypt (3.0.6)
      ffi-compiler (>= 1.0, < 2.0)
    siphash (0.0.1)
    thor (0.20.3)
    thread_safe (0.3.6)
    tzinfo (1.2.5)
      thread_safe (~> 0.1)
    unf (0.1.4)
      unf_ext
    unf_ext (0.0.7.6)

PLATFORMS
  ruby

DEPENDENCIES
  faraday
  faraday_ln_paywall (~> 1.0)
  faraday_middleware

BUNDLED WITH
   2.0.1
